GEM
  remote: https://rubygems.org/
  specs:
    metaclass (0.0.4)
    mocha (1.1.0)
      metaclass (~> 0.0.1)

PLATFORMS
  x86-mingw32

DEPENDENCIES
  mocha
